PATH
  remote: .
  specs:
    hulk_smash (1.2.0)

GEM
  remote: http://rubygems.org/
  specs:
    diff-lcs (1.1.3)
    ffi (1.0.11)
    guard (1.1.1)
      listen (>= 0.4.2)
      thor (>= 0.14.6)
    guard-rspec (0.6.0)
      guard (>= 0.10.0)
    listen (0.4.6)
      rb-fchange (~> 0.0.5)
      rb-fsevent (~> 0.9.1)
      rb-inotify (~> 0.8.8)
    rake (13.0.1)
    rb-fchange (0.0.5)
      ffi
    rb-fsevent (0.9.1)
    rb-inotify (0.8.8)
      ffi (>= 0.5.0)
    rspec (2.8.0)
      rspec-core (~> 2.8.0)
      rspec-expectations (~> 2.8.0)
      rspec-mocks (~> 2.8.0)
    rspec-core (2.8.0)
    rspec-expectations (2.8.0)
      diff-lcs (~> 1.1.2)
    rspec-mocks (2.8.0)
    thor (0.15.4)
    yard (0.7.5)

PLATFORMS
  ruby

DEPENDENCIES
  guard-rspec (~> 0.6.0)
  hulk_smash!
  rake (~> 13.0.1)
  rspec (~> 2.8.0)
  yard (~> 0.7.5)
